GEM
  remote: https://rubygems.org/
  specs:
    kafo (0.3.1)

PLATFORMS
  ruby

RUBY VERSION
   ruby 2.3.3

BUNDLED WITH
   1.14.6
