GEM
  remote: https://rubygems.org/
  specs:
    http (0.7.1)

PLATFORMS
  ruby

RUBY VERSION
   ruby 2.3.3

BUNDLED WITH
   1.14.6
